NUGET
  remote: https://nuget.org/api/v2
  specs:
    FAKE (3.15.0)
    NuGet.CommandLine (2.8.3)
